PATH
  remote: .
  specs:
    melon (0.0.0)
      clipboard (>= 1.3.4)
      ffi

GEM
  remote: https://rubygems.org/
  specs:
    clipboard (1.3.4)
    diff-lcs (1.3)
    ffi (1.13.1)
    rspec (3.8.0)
      rspec-core (~> 3.8.0)
      rspec-expectations (~> 3.8.0)
      rspec-mocks (~> 3.8.0)
    rspec-core (3.8.2)
      rspec-support (~> 3.8.0)
    rspec-expectations (3.8.4)
      diff-lcs (>= 1.2.0, < 2.0)
      rspec-support (~> 3.8.0)
    rspec-mocks (3.8.1)
      diff-lcs (>= 1.2.0, < 2.0)
      rspec-support (~> 3.8.0)
    rspec-support (3.8.2)

PLATFORMS
  ruby

DEPENDENCIES
  melon!
  rspec

RUBY VERSION
   ruby 2.6.3p62

BUNDLED WITH
   2.1.4
