PATH
  remote: .
  specs:
    cryptme (0.0.4)
      clipboard (~> 1.3)
      ffi (~> 1.3)

GEM
  remote: https://rubygems.org/
  specs:
    clipboard (1.3.4)
    coderay (1.1.3)
    diff-lcs (1.4.4)
    ffi (1.13.1)
    method_source (1.0.0)
    pry (0.13.1)
      coderay (~> 1.1)
      method_source (~> 1.0)
    rspec (3.9.0)
      rspec-core (~> 3.9.0)
      rspec-expectations (~> 3.9.0)
      rspec-mocks (~> 3.9.0)
    rspec-core (3.9.2)
      rspec-support (~> 3.9.3)
    rspec-expectations (3.9.2)
      diff-lcs (>= 1.2.0, < 2.0)
      rspec-support (~> 3.9.0)
    rspec-mocks (3.9.1)
      diff-lcs (>= 1.2.0, < 2.0)
      rspec-support (~> 3.9.0)
    rspec-support (3.9.3)

PLATFORMS
  ruby

DEPENDENCIES
  cryptme!
  pry (~> 0.13)
  rspec (~> 3.8)

RUBY VERSION
   ruby 2.6.3p62

BUNDLED WITH
   2.1.4
